PATH
  remote: .
  specs:
    reference (0.1.0)
      faker (~> 1.9.1)

GEM
  remote: https://rubygems.org/
  specs:
    concurrent-ruby (1.0.5)
    faker (1.9.1)
      i18n (>= 0.7)
    i18n (1.1.1)
      concurrent-ruby (~> 1.0)
    minitest (5.11.3)
    rake (10.5.0)

PLATFORMS
  ruby

DEPENDENCIES
  bundler (~> 1.16)
  minitest (~> 5.0)
  rake (~> 10.0)
  reference!

BUNDLED WITH
   1.16.3
